PATH
  remote: .
  specs:
    iana-data (1.2.1)
      nokogiri (~> 1.6)
      open-uri-cached (= 0.0.5)

GEM
  remote: https://rubygems.org/
  specs:
    diff-lcs (1.2.5)
    mini_portile2 (2.0.0)
    nokogiri (1.6.7.2)
      mini_portile2 (~> 2.0.0.rc2)
    open-uri-cached (0.0.5)
    rake (10.5.0)
    rspec (3.4.0)
      rspec-core (~> 3.4.0)
      rspec-expectations (~> 3.4.0)
      rspec-mocks (~> 3.4.0)
    rspec-core (3.4.4)
      rspec-support (~> 3.4.0)
    rspec-expectations (3.4.0)
      diff-lcs (>= 1.2.0, < 2.0)
      rspec-support (~> 3.4.0)
    rspec-mocks (3.4.1)
      diff-lcs (>= 1.2.0, < 2.0)
      rspec-support (~> 3.4.0)
    rspec-support (3.4.1)
    yard (0.8.7.6)

PLATFORMS
  ruby

DEPENDENCIES
  bundler (~> 1.11)
  iana-data!
  rake (~> 10.0)
  rspec (~> 3.0)
  yard (~> 0.8)

BUNDLED WITH
   1.11.2
